GEM
  remote: https://rubygems.org/
  specs:
    chunky_png (1.4.0)
    ffi (1.15.1)
    ffi (1.15.1-java)
    ruby-vips (2.1.2)
      ffi (~> 1.12)

PLATFORMS
  java
  ruby

DEPENDENCIES
  chunky_png
  ruby-vips

BUNDLED WITH
   2.2.19
